RESTRICTION: == net461
NUGET
  remote: https://www.nuget.org/api/v2
    FAKE (4.63)
    FSharp.Core (4.2.3) - redirects: force
    Npgsql (3.1.9)
    SQLProvider (1.1.8)
    Suave (2.2.1)
      FSharp.Core (>= 4.0.0.1)
    Suave.Experimental (2.2.1)
      FSharp.Core (>= 4.0.0.1)
      Suave (>= 2.2.1)
