RESTRICTION: == net461
NUGET
  remote: https://www.nuget.org/api/v2
    FAKE (4.63)
    FSharp.Core (4.2.3) - redirects: force
    Suave (2.2.1)
      FSharp.Core (>= 4.0.0.1)
